GEM
  remote: http://rubygems.org/
  specs:
    git (1.2.5)
    httparty (0.8.3)
      multi_json (~> 1.0)
      multi_xml
    jeweler (1.6.4)
      bundler (~> 1.0)
      git (>= 1.2.5)
      rake
    multi_json (1.3.2)
    multi_xml (0.4.4)
    rake (0.9.2.2)
    rcov (1.0.0)
    shoulda (3.0.1)
      shoulda-context (~> 1.0.0)
      shoulda-matchers (~> 1.0.0)
    shoulda-context (1.0.0)
    shoulda-matchers (1.0.0)

PLATFORMS
  ruby

DEPENDENCIES
  bundler (~> 1.0.0)
  httparty
  jeweler (~> 1.6.4)
  multi_json
  rcov
  shoulda
